GEM
  remote: http://rubygems.org/
  specs:
    RedCloth (4.2.9)
    actionmailer (2.3.17)
      actionpack (= 2.3.17)
    actionpack (2.3.17)
      activesupport (= 2.3.17)
      rack (~> 1.1.0)
    activerecord (2.3.17)
      activesupport (= 2.3.17)
    activeresource (2.3.17)
      activesupport (= 2.3.17)
    activesupport (2.3.17)
    i18n (0.5.0)
    json (1.7.7)
    rack (1.1.6)
    rails (2.3.17)
      actionmailer (= 2.3.17)
      actionpack (= 2.3.17)
      activerecord (= 2.3.17)
      activeresource (= 2.3.17)
      activesupport (= 2.3.17)
      rake (>= 0.8.3)
    rake (10.0.3)
    ri_cal (0.8.8)
    sqlite3 (1.3.3)
    tzinfo (0.3.27)

PLATFORMS
  ruby

DEPENDENCIES
  RedCloth
  i18n
  json (~> 1.7.7)
  rails (~> 2.3.15)
  ri_cal
  sqlite3
  tzinfo
